STORAGE: NONE

GROUP Project
NUGET
  remote: https://www.nuget.org/api/v2
    sqlite-net (1.6.292)
