STORAGE: NONE

GROUP Project
NUGET
  remote: https://www.nuget.org/api/v2
    SQLite (3.13)
