STORAGE: NONE

GROUP Project
NUGET
  remote: https://api.nuget.org/v3/index.json
    sqlite-net (1.6.292)
