STORAGE: NONE

GROUP Project
NUGET
  remote: https://api.nuget.org/v3/index.json
    sqlite-net-pcl (1.8.116)
      SQLitePCLRaw.bundle_green (>= 2.0.4) - restriction: >= netstandard2.0
    SQLitePCLRaw.bundle_green (2.1.7) - restriction: >= netstandard2.0
      SQLitePCLRaw.lib.e_sqlite3 (>= 2.1.7) - restriction: || (&& (< monoandroid9.0) (< net6.0-tvos) (>= netstandard2.0) (< xamarinios)) (>= net461)
      SQLitePCLRaw.lib.e_sqlite3.android (>= 2.1.7) - restriction: >= monoandroid9.0
      SQLitePCLRaw.lib.e_sqlite3.tvos (>= 2.1.7) - restriction: >= net6.0-tvos
      SQLitePCLRaw.provider.dynamic_cdecl (>= 2.1.7) - restriction: >= net461
      SQLitePCLRaw.provider.e_sqlite3 (>= 2.1.7) - restriction: || (>= monoandroid9.0) (&& (< net461) (< net6.0-tvos) (>= netstandard2.0) (< xamarinios))
      SQLitePCLRaw.provider.internal (>= 2.1.7) - restriction: >= net6.0-tvos
      SQLitePCLRaw.provider.sqlite3 (>= 2.1.7) - restriction: >= xamarinios
      System.Runtime.InteropServices.NFloat.Internal (>= 6.0.1) - restriction: || (>= net6.0-ios) (>= net6.0-tvos)
    SQLitePCLRaw.core (2.1.7) - restriction: || (>= monoandroid9.0) (&& (>= net461) (>= netstandard2.0)) (&& (< net461) (>= netstandard2.0)) (>= net6.0-tvos) (>= xamarinios)
      System.Memory (>= 4.5.3) - restriction: >= netstandard2.0
    SQLitePCLRaw.lib.e_sqlite3 (2.1.7) - restriction: || (&& (< monoandroid9.0) (< net6.0-tvos) (>= netstandard2.0) (< xamarinios)) (&& (>= net461) (>= netstandard2.0))
    SQLitePCLRaw.lib.e_sqlite3.android (2.1.7) - restriction: >= monoandroid9.0
    SQLitePCLRaw.lib.e_sqlite3.tvos (2.1.7) - restriction: >= net6.0-tvos
      System.Runtime.InteropServices.NFloat.Internal (>= 6.0.1) - restriction: >= net6.0-tvos
    SQLitePCLRaw.provider.dynamic_cdecl (2.1.7) - restriction: && (>= net461) (>= netstandard2.0)
      SQLitePCLRaw.core (>= 2.1.7) - restriction: >= netstandard2.0
    SQLitePCLRaw.provider.e_sqlite3 (2.1.7) - restriction: || (>= monoandroid9.0) (&& (< net461) (< net6.0-tvos) (>= netstandard2.0) (< xamarinios))
      SQLitePCLRaw.core (>= 2.1.7) - restriction: >= netstandard2.0
    SQLitePCLRaw.provider.internal (2.1.7) - restriction: >= net6.0-tvos
      SQLitePCLRaw.core (>= 2.1.7) - restriction: >= netstandard2.0
    SQLitePCLRaw.provider.sqlite3 (2.1.7) - restriction: >= xamarinios
      SQLitePCLRaw.core (>= 2.1.7) - restriction: >= netstandard2.0
    System.Buffers (4.5.1) - restriction: || (&& (>= net461) (>= netstandard2.0)) (&& (>= net461) (>= xamarinios)) (&& (>= net461) (>= xamarinmac))
    System.Memory (4.5.5) - restriction: && (>= net461) (>= netstandard2.0)
      System.Buffers (>= 4.5.1) - restriction: || (&& (>= monoandroid) (< netstandard1.1)) (&& (< monoandroid) (< net45) (>= netstandard1.1) (< netstandard2.0) (< win8) (< wpa81)) (&& (< monoandroid) (< netstandard1.1) (>= portable-net45+win8+wpa81) (< win8)) (>= monotouch) (&& (>= net45) (< netstandard2.0)) (&& (< net45) (< netcoreapp2.0) (>= netstandard2.0)) (>= net461) (&& (< netstandard1.1) (>= win8)) (&& (< netstandard2.0) (< uap10.1) (>= wpa81)) (>= xamarinios) (>= xamarinmac) (>= xamarintvos) (>= xamarinwatchos)
      System.Numerics.Vectors (>= 4.5) - restriction: >= net461
      System.Runtime.CompilerServices.Unsafe (>= 4.5.3) - restriction: || (&& (>= monoandroid) (< netstandard1.1)) (&& (< monoandroid) (< net45) (>= netstandard1.1) (< netstandard2.0) (< win8) (< wpa81)) (&& (< monoandroid) (>= netcoreapp2.0) (< netcoreapp2.1)) (&& (< monoandroid) (< netstandard1.1) (>= portable-net45+win8+wpa81) (< win8)) (>= monotouch) (&& (>= net45) (< netstandard2.0)) (&& (< net45) (< netcoreapp2.0) (>= netstandard2.0)) (>= net461) (&& (< netstandard1.1) (>= win8)) (&& (< netstandard2.0) (>= wpa81)) (>= uap10.1) (>= xamarinios) (>= xamarinmac) (>= xamarintvos) (>= xamarinwatchos)
    System.Numerics.Vectors (4.5) - restriction: && (>= net461) (>= netstandard2.0)
    System.Runtime.CompilerServices.Unsafe (6.0) - restriction: || (&& (>= net461) (>= netcoreapp2.0)) (&& (>= net461) (>= netstandard2.0)) (&& (>= net461) (>= xamarinios)) (&& (>= net461) (>= xamarinmac))
    System.Runtime.InteropServices.NFloat.Internal (6.0.1) - restriction: || (>= net6.0-ios) (>= net6.0-tvos)
